GEM
  remote: https://rubygems.org/
  specs:
    activesupport (4.2.1)
      i18n (~> 0.7)
      json (~> 1.7, >= 1.7.7)
      minitest (~> 5.1)
      thread_safe (~> 0.3, >= 0.3.4)
      tzinfo (~> 1.1)
    awesome_print (1.2.0)
    aws-sdk (1.60.2)
      aws-sdk-v1 (= 1.60.2)
    aws-sdk-v1 (1.60.2)
      json (~> 1.4)
      nokogiri (>= 1.4.4)
    claide (0.8.1)
    cocoapods (0.36.3)
      activesupport (>= 3.2.15)
      claide (~> 0.8.1)
      cocoapods-core (= 0.36.3)
      cocoapods-downloader (~> 0.9.0)
      cocoapods-plugins (~> 0.4.1)
      cocoapods-trunk (~> 0.6.0)
      cocoapods-try (~> 0.4.3)
      colored (~> 1.2)
      escape (~> 0.0.4)
      molinillo (~> 0.2.1)
      nap (~> 0.8)
      open4 (~> 1.3)
      xcodeproj (~> 0.23.1)
    cocoapods-core (0.36.3)
      activesupport (>= 3.2.15)
      fuzzy_match (~> 2.0.4)
      nap (~> 0.8.0)
    cocoapods-downloader (0.9.0)
    cocoapods-plugins (0.4.2)
      nap
    cocoapods-trunk (0.6.0)
      nap (>= 0.8)
      netrc (= 0.7.8)
    cocoapods-try (0.4.3)
    colored (1.2)
    commander (4.2.1)
      highline (~> 1.6.11)
    dotenv (0.11.1)
      dotenv-deployment (~> 0.0.2)
    dotenv-deployment (0.0.2)
    escape (0.0.4)
    faraday (0.8.9)
      multipart-post (~> 1.2.0)
    faraday_middleware (0.9.1)
      faraday (>= 0.7.4, < 0.10)
    fuzzy_match (2.0.4)
    git-pairing (0.5.2)
      awesome_print (>= 1.1.0)
      highline (>= 1.6.15)
      paint (>= 0.8.5)
      trollop (>= 2.0)
    highline (1.6.21)
    i18n (0.7.0)
    json (1.8.2)
    mini_portile (0.6.1)
    minitest (5.6.0)
    molinillo (0.2.3)
    multipart-post (1.2.0)
    nap (0.8.0)
    net-sftp (2.1.2)
      net-ssh (>= 2.6.5)
    net-ssh (2.9.1)
    netrc (0.7.8)
    nokogiri (1.6.5)
      mini_portile (~> 0.6.0)
    open4 (1.3.4)
    paint (0.8.7)
    plist (3.1.0)
    rake (10.3.2)
    rake_commit (1.0.1)
    rubyzip (1.3.0)
    security (0.1.3)
    shenzhen (0.10.2)
      aws-sdk (~> 1.0)
      commander (~> 4.1)
      dotenv (~> 0.7)
      faraday (~> 0.8.9)
      faraday_middleware (~> 0.9)
      json (~> 1.8)
      net-sftp (~> 2.1.2)
      plist (~> 3.1.0)
      rubyzip (~> 1.1)
      security (~> 0.1.3)
      terminal-table (~> 1.4.5)
    terminal-table (1.4.5)
    thread_safe (0.3.5)
    trollop (2.0)
    tzinfo (1.2.2)
      thread_safe (~> 0.1)
    xcodeproj (0.23.1)
      activesupport (>= 3)
      colored (~> 1.2)
    xcpretty (0.1.7)

PLATFORMS
  ruby

DEPENDENCIES
  cocoapods
  git-pairing
  highline
  rake
  rake_commit
  shenzhen
  xcpretty
